GEM
  remote: https://rubygems.org/
  specs:
    byebug (11.1.3)
    concurrent-ruby (1.1.10)
    diff-lcs (1.5.0)
    i18n (1.12.0)
      concurrent-ruby (~> 1.0)
    icalendar (2.8.0)
      ice_cube (~> 0.16)
    ice_cube (0.16.4)
    mustermann (1.1.2)
      ruby2_keywords (~> 0.0.1)
    rack (2.2.4)
    rack-protection (2.2.1)
      rack
    rack-test (2.0.2)
      rack (>= 1.3)
    rspec (3.11.0)
      rspec-core (~> 3.11.0)
      rspec-expectations (~> 3.11.0)
      rspec-mocks (~> 3.11.0)
    rspec-core (3.11.0)
      rspec-support (~> 3.11.0)
    rspec-expectations (3.11.0)
      diff-lcs (>= 1.2.0, < 2.0)
      rspec-support (~> 3.11.0)
    rspec-mocks (3.11.1)
      diff-lcs (>= 1.2.0, < 2.0)
      rspec-support (~> 3.11.0)
    rspec-support (3.11.0)
    ruby2_keywords (0.0.5)
    sinatra (2.2.1)
      mustermann (~> 1.0)
      rack (~> 2.2)
      rack-protection (= 2.2.1)
      tilt (~> 2.0)
    slim (4.1.0)
      temple (>= 0.7.6, < 0.9)
      tilt (>= 2.0.6, < 2.1)
    temple (0.8.2)
    tilt (2.0.11)

PLATFORMS
  ruby

DEPENDENCIES
  byebug
  i18n
  icalendar
  rack-test
  rspec
  sinatra
  slim

BUNDLED WITH
   2.3.12
